GEM
  remote: http://rubygems.org/
  specs:
    pg (0.14.0)
    pg_typecast (0.1.2)
      pg (>= 0.9.0)

PLATFORMS
  ruby

DEPENDENCIES
  pg
  pg_typecast
