GEM
  remote: https://www.rubygems.org/
  specs:
    addressable (2.2.8)
    data_objects (0.10.8)
      addressable (~> 2.1)
    do_postgres (0.10.8)
      data_objects (= 0.10.8)
    pg (0.18.4)

PLATFORMS
  ruby

DEPENDENCIES
  do_postgres
  pg

BUNDLED WITH
   1.12.4
