GEM
  remote: http://rubygems.org/
  specs:
    addressable (2.2.8)
    data_objects (0.10.8)
      addressable (~> 2.1)
    do_postgres (0.10.8)
      data_objects (= 0.10.8)
    pg (0.14.0)
    pg_typecast (0.1.2)
      pg (>= 0.9.0)

PLATFORMS
  ruby

DEPENDENCIES
  do_postgres
  pg
  pg_typecast
